GEM
  remote: https://rubygems.org/
  specs:
    ast (2.2.0)
    builder (3.2.2)
    cucumber (2.3.2)
      builder (>= 2.1.2)
      cucumber-core (~> 1.4.0)
      cucumber-wire (~> 0.0.1)
      diff-lcs (>= 1.1.3)
      gherkin (~> 3.2.0)
      multi_json (>= 1.7.5, < 2.0)
      multi_test (>= 0.1.2)
    cucumber-core (1.4.0)
      gherkin (~> 3.2.0)
    cucumber-wire (0.0.1)
    diff-lcs (1.2.5)
    gherkin (3.2.0)
    multi_json (1.11.2)
    multi_test (0.1.2)
    parser (2.3.0.2)
      ast (~> 2.2)
    powerpack (0.1.1)
    rainbow (2.1.0)
    rake (10.5.0)
    rubocop (0.37.0)
      parser (>= 2.3.0.2, < 3.0)
      powerpack (~> 0.1)
      rainbow (>= 1.99.1, < 3.0)
      ruby-progressbar (~> 1.7)
      unicode-display_width (~> 0.3)
    ruby-progressbar (1.7.5)
    unicode-display_width (0.3.1)

PLATFORMS
  ruby

DEPENDENCIES
  cucumber
  rake
  rubocop

BUNDLED WITH
   1.11.2
